GIT
  remote: https://github.com/mycolorway/tao_editor.git
  revision: 754e2ccd408e28a25c3649a88f4cdbf574a9431d
  branch: master
  specs:
    tao_editor (1.0.0.beta.1)
      tao_form (~> 1.0.0.beta.1)
      tao_on_rails (~> 1.0.0.beta.1)
      tao_ui (~> 1.0.0.beta.1)

GIT
  remote: https://github.com/mycolorway/tao_form.git
  revision: 6419efb250392d1485378a6652f112a40e19bd82
  branch: master
  specs:
    tao_form (1.0.0.beta.1)
      simple_form (~> 3.5.0)
      tao_on_rails (~> 1.0.0.beta.1)
      tao_ui (~> 1.0.0.beta.1)

GIT
  remote: https://github.com/mycolorway/tao_on_rails.git
  revision: cd6279e888951c1c5ffe4f805136d57babfc79d1
  branch: master
  specs:
    tao_on_rails (1.0.0.beta.2)
      rails (>= 5.0.0, < 5.3)

GIT
  remote: https://github.com/mycolorway/tao_ui.git
  revision: dad21cb707f53ba7cac1e61c8babe982495a7bab
  branch: master
  specs:
    tao_ui (1.0.0.beta.1)
      tao_on_rails (~> 1.0.0.beta.1)

GEM
  remote: https://rubygems.org/
  specs:
    actioncable (5.1.4)
      actionpack (= 5.1.4)
      nio4r (~> 2.0)
      websocket-driver (~> 0.6.1)
    actionmailer (5.1.4)
      actionpack (= 5.1.4)
      actionview (= 5.1.4)
      activejob (= 5.1.4)
      mail (~> 2.5, >= 2.5.4)
      rails-dom-testing (~> 2.0)
    actionpack (5.1.4)
      actionview (= 5.1.4)
      activesupport (= 5.1.4)
      rack (~> 2.0)
      rack-test (>= 0.6.3)
      rails-dom-testing (~> 2.0)
      rails-html-sanitizer (~> 1.0, >= 1.0.2)
    actionview (5.1.4)
      activesupport (= 5.1.4)
      builder (~> 3.1)
      erubi (~> 1.4)
      rails-dom-testing (~> 2.0)
      rails-html-sanitizer (~> 1.0, >= 1.0.3)
    activejob (5.1.4)
      activesupport (= 5.1.4)
      globalid (>= 0.3.6)
    activemodel (5.1.4)
      activesupport (= 5.1.4)
    activerecord (5.1.4)
      activemodel (= 5.1.4)
      activesupport (= 5.1.4)
      arel (~> 8.0)
    activesupport (5.1.4)
      concurrent-ruby (~> 1.0, >= 1.0.2)
      i18n (~> 0.7)
      minitest (~> 5.1)
      tzinfo (~> 1.1)
    arel (8.0.0)
    bindex (0.5.0)
    browser (2.3.0)
    builder (3.2.3)
    byebug (9.1.0)
    coderay (1.1.2)
    concurrent-ruby (1.0.5)
    crass (1.0.2)
    erubi (1.7.0)
    ffi (1.9.18)
    flamegraph (0.9.5)
    globalid (0.4.1)
      activesupport (>= 4.2.0)
    gon (6.1.0)
      actionpack (>= 3.0)
      json
      multi_json
      request_store (>= 1.0)
    i18n (0.9.1)
      concurrent-ruby (~> 1.0)
    i18n-debug (1.1.0)
      i18n (< 1)
    jbuilder (2.7.0)
      activesupport (>= 4.2.0)
      multi_json (>= 1.2)
    json (2.1.0)
    kgio (2.11.0)
    listen (3.0.8)
      rb-fsevent (~> 0.9, >= 0.9.4)
      rb-inotify (~> 0.9, >= 0.9.7)
    loofah (2.1.1)
      crass (~> 1.0.2)
      nokogiri (>= 1.5.9)
    mail (2.6.6)
      mime-types (>= 1.16, < 4)
    method_source (0.9.0)
    mime-types (3.1)
      mime-types-data (~> 3.2015)
    mime-types-data (3.2016.0521)
    mina (0.3.8)
      open4 (~> 1.3.4)
      rake
    mina-unicorn (0.5.0)
      mina (~> 0.3, < 1.0)
    mini_portile2 (2.3.0)
    minitest (5.10.3)
    multi_json (1.12.2)
    mysql2 (0.4.9)
    nio4r (2.1.0)
    nokogiri (1.8.1)
      mini_portile2 (~> 2.3.0)
    open4 (1.3.4)
    pry (0.11.2)
      coderay (~> 1.1.0)
      method_source (~> 0.9.0)
    pry-rails (0.3.6)
      pry (>= 0.10.4)
    puma (3.10.0)
    rack (2.0.3)
    rack-proxy (0.6.3)
      rack
    rack-test (0.7.0)
      rack (>= 1.0, < 3)
    rails (5.1.4)
      actioncable (= 5.1.4)
      actionmailer (= 5.1.4)
      actionpack (= 5.1.4)
      actionview (= 5.1.4)
      activejob (= 5.1.4)
      activemodel (= 5.1.4)
      activerecord (= 5.1.4)
      activesupport (= 5.1.4)
      bundler (>= 1.3.0)
      railties (= 5.1.4)
      sprockets-rails (>= 2.0.0)
    rails-dom-testing (2.0.3)
      activesupport (>= 4.2.0)
      nokogiri (>= 1.6)
    rails-html-sanitizer (1.0.3)
      loofah (~> 2.0)
    railties (5.1.4)
      actionpack (= 5.1.4)
      activesupport (= 5.1.4)
      method_source
      rake (>= 0.8.7)
      thor (>= 0.18.1, < 2.0)
    raindrops (0.19.0)
    rake (12.2.1)
    rb-fsevent (0.10.2)
    rb-inotify (0.9.10)
      ffi (>= 0.5.0, < 2)
    request_store (1.3.2)
    simple_form (3.5.0)
      actionpack (> 4, < 5.2)
      activemodel (> 4, < 5.2)
    spring (2.0.2)
      activesupport (>= 4.2)
    spring-watcher-listen (2.0.1)
      listen (>= 2.7, < 4.0)
      spring (>= 1.2, < 3.0)
    sprockets (3.7.1)
      concurrent-ruby (~> 1.0)
      rack (> 1, < 3)
    sprockets-rails (3.2.1)
      actionpack (>= 4.0)
      activesupport (>= 4.0)
      sprockets (>= 3.0.0)
    sqlite3 (1.3.13)
    stackprof (0.2.10)
    thor (0.20.0)
    thread_safe (0.3.6)
    tzinfo (1.2.4)
      thread_safe (~> 0.1)
    unicorn (5.3.1)
      kgio (~> 2.6)
      raindrops (~> 0.7)
    web-console (3.5.1)
      actionview (>= 5.0)
      activemodel (>= 5.0)
      bindex (>= 0.4.0)
      railties (>= 5.0)
    webpacker (3.2.1)
      activesupport (>= 4.2)
      rack-proxy (>= 0.6.1)
      railties (>= 4.2)
    websocket-driver (0.6.5)
      websocket-extensions (>= 0.1.0)
    websocket-extensions (0.1.2)

PLATFORMS
  ruby

DEPENDENCIES
  browser (~> 2.3.0)
  byebug
  flamegraph
  gon (~> 6.1.0)
  i18n-debug
  jbuilder (~> 2.5)
  listen (~> 3.0.5)
  mina (~> 0.3.8)
  mina-unicorn (~> 0.5.0)
  mysql2
  pry-rails
  puma (~> 3.0)
  rails (~> 5.1.1)
  spring
  spring-watcher-listen (~> 2.0.0)
  sqlite3
  stackprof
  tao_editor!
  tao_form!
  tao_on_rails!
  tao_ui!
  unicorn
  web-console (>= 3.3.0)
  webpacker (~> 3.2.0)

BUNDLED WITH
   1.16.0
